GIT
  remote: git://github.com/floehopper/mocha.git
  revision: 2b4e868d1907859cd03f407078bd8b630f7d0dd6
  specs:
    mocha (0.9.12.20110213002255)

GEM
  remote: http://rubygems.org/
  specs:
    activemodel (3.0.7)
      activesupport (= 3.0.7)
      builder (~> 2.1.2)
      i18n (~> 0.5.0)
    activesupport (3.0.7)
    bson (1.3.0)
    bson_ext (1.3.0)
    builder (2.1.2)
    diff-lcs (1.1.2)
    i18n (0.5.0)
    locomotive_carrierwave (0.5.0.1)
      activesupport (~> 3.0)
    mongo (1.3.0)
      bson (>= 1.3.0)
    mongoid (2.0.1)
      activemodel (~> 3.0)
      mongo (~> 1.3)
      tzinfo (~> 0.3.22)
      will_paginate (~> 3.0.pre)
    rake (0.8.7)
    rspec (2.6.0.rc2)
      rspec-core (= 2.6.0.rc2)
      rspec-expectations (= 2.6.0.rc2)
      rspec-mocks (= 2.6.0.rc2)
    rspec-core (2.6.0.rc2)
    rspec-expectations (2.6.0.rc2)
      diff-lcs (~> 1.1.2)
    rspec-mocks (2.6.0.rc2)
    tzinfo (0.3.26)
    will_paginate (3.0.pre2)

PLATFORMS
  ruby

DEPENDENCIES
  activesupport (>= 3.0.4)
  bson_ext (~> 1.3.0)
  locomotive_carrierwave
  mocha!
  mongoid (~> 2.0.1)
  rake
  rspec (>= 2.0.0.beta.10)
